GEM
  remote: https://rubygems.org/
  specs:
    libv8 (3.16.14.11)
    rack (1.6.4)
    rack-protection (1.5.3)
      rack
    ref (2.0.0)
    sinatra (1.4.6)
      rack (~> 1.4)
      rack-protection (~> 1.4)
      tilt (>= 1.3, < 3)
    slim (3.0.6)
      temple (~> 0.7.3)
      tilt (>= 1.3.3, < 2.1)
    temple (0.7.6)
    therubyracer (0.12.2)
      libv8 (~> 3.16.14.0)
      ref
    tilt (2.0.1)

PLATFORMS
  ruby

DEPENDENCIES
  sinatra
  slim
  therubyracer
