GEM
  remote: https://rubygems.org/
  specs:
    libv8 (3.16.14.11)
    ref (2.0.0)
    therubyracer (0.12.2)
      libv8 (~> 3.16.14.0)
      ref

PLATFORMS
  ruby

DEPENDENCIES
  therubyracer
